GIT
  remote: https://github.com/mattsears/nyan-cat-formatter.git
  revision: ae57086e132064a5a56193ea3c6d0e3d380d6b62
  specs:
    nyan-cat-formatter (0.0.5)

PATH
  remote: .
  specs:
    yaaft (0.0.1)
      id3lib-ruby
      ruby-mp3info

GEM
  remote: http://rubygems.org/
  specs:
    diff-lcs (1.1.3)
    id3lib-ruby (0.6.0)
    rspec (2.8.0)
      rspec-core (~> 2.8.0)
      rspec-expectations (~> 2.8.0)
      rspec-mocks (~> 2.8.0)
    rspec-core (2.8.0)
    rspec-expectations (2.8.0)
      diff-lcs (~> 1.1.2)
    rspec-mocks (2.8.0)
    ruby-mp3info (0.6.16)

PLATFORMS
  ruby

DEPENDENCIES
  nyan-cat-formatter!
  rspec
  yaaft!
