PATH
  remote: .
  specs:
    yaaft (0.0.1)
      id3lib-ruby
      ruby-mp3info

GEM
  remote: http://rubygems.org/
  specs:
    diff-lcs (1.1.3)
    id3lib-ruby (0.6.0)
    rspec (2.8.0)
      rspec-core (~> 2.8.0)
      rspec-expectations (~> 2.8.0)
      rspec-mocks (~> 2.8.0)
    rspec-core (2.8.0)
    rspec-expectations (2.8.0)
      diff-lcs (~> 1.1.2)
    rspec-mocks (2.8.0)
    ruby-mp3info (0.6.16)

PLATFORMS
  ruby

DEPENDENCIES
  rspec
  yaaft!
