GIT
  remote: https://github.com/mattsears/nyan-cat-formatter.git
  revision: ae57086e132064a5a56193ea3c6d0e3d380d6b62
  specs:
    nyan-cat-formatter (0.0.5)

PATH
  remote: .
  specs:
    yaaft (0.0.1)
      id3lib-ruby
      mixlib-cli
      ruby-mp3info

GEM
  remote: http://rubygems.org/
  specs:
    aruba (0.4.11)
      childprocess (>= 0.2.3)
      cucumber (>= 1.1.1)
      ffi (>= 1.0.11)
      rspec (>= 2.7.0)
    builder (3.0.0)
    childprocess (0.2.6)
      ffi (~> 1.0.6)
    cucumber (1.1.4)
      builder (>= 2.1.2)
      diff-lcs (>= 1.1.2)
      gherkin (~> 2.7.1)
      json (>= 1.4.6)
      term-ansicolor (>= 1.0.6)
    diff-lcs (1.1.3)
    ffi (1.0.11)
    gherkin (2.7.2)
      json (>= 1.4.6)
    id3lib-ruby (0.6.0)
    json (1.6.4)
    mixlib-cli (1.2.2)
    rspec (2.8.0)
      rspec-core (~> 2.8.0)
      rspec-expectations (~> 2.8.0)
      rspec-mocks (~> 2.8.0)
    rspec-core (2.8.0)
    rspec-expectations (2.8.0)
      diff-lcs (~> 1.1.2)
    rspec-mocks (2.8.0)
    ruby-mp3info (0.6.16)
    term-ansicolor (1.0.7)

PLATFORMS
  ruby

DEPENDENCIES
  aruba
  cucumber
  nyan-cat-formatter!
  rspec
  yaaft!
